RESTRICTION: >= net45
NUGET
  remote: http://www.nuget.org/api/v2
    LibGit2Sharp (0.25.4)
      LibGit2Sharp.NativeBinaries (1.0.252) - restriction: && (>= net45) (>= netstandard2.0)
    LibGit2Sharp.NativeBinaries (1.0.252) - restriction: && (>= net45) (>= netstandard2.0)
    Newtonsoft.Json (12.0.1)

GROUP Analyzers
RESTRICTION: >= net45
NUGET
  remote: http://www.nuget.org/api/v2
    AsyncUsageAnalyzers (1.0.0-alpha003)
    Gu.Analyzers (1.3.1-dev)
    IDisposableAnalyzers (2.1)
    JetBrains.Annotations (2018.3)
    StyleCop.Analyzers (1.0.2)
    WpfAnalyzers (2.2.0.2)

GROUP Test
RESTRICTION: >= net45
NUGET
  remote: http://www.nuget.org/api/v2
    Castle.Core (4.3.1)
    Moq (4.10.1)
      Castle.Core (>= 4.3.1)
      System.Threading.Tasks.Extensions (>= 4.5.1)
    NUnit (3.11)
    System.Runtime.CompilerServices.Unsafe (4.5.2)
    System.Threading.Tasks.Extensions (4.5.2)
      System.Runtime.CompilerServices.Unsafe (>= 4.5.2)
