RESTRICTION: >= net45
NUGET
  remote: http://www.nuget.org/api/v2
    LibGit2Sharp (0.24)
      LibGit2Sharp.NativeBinaries (1.0.185)
    LibGit2Sharp.NativeBinaries (1.0.185)
    Newtonsoft.Json (10.0.3)

GROUP Analyzers
RESTRICTION: >= net45
NUGET
  remote: http://www.nuget.org/api/v2
    AsyncUsageAnalyzers (1.0.0-alpha003)
    Gu.Analyzers (1.1.0-dev)
    IDisposableAnalyzers (0.1.4.2-dev)
    JetBrains.Annotations (11.1)
    StyleCop.Analyzers (1.0.2)
    WpfAnalyzers (2.1.2)

GROUP Test
RESTRICTION: >= net45
NUGET
  remote: http://www.nuget.org/api/v2
    Castle.Core (4.2.1)
    Moq (4.7.145)
      Castle.Core (>= 4.2.1)
    NUnit (3.9)
