FRAMEWORK: >= NET45
NUGET
  remote: http://www.nuget.org/api/v2
    LibGit2Sharp (0.22)
      LibGit2Sharp.NativeBinaries (1.0.129)
    LibGit2Sharp.NativeBinaries (1.0.129)
    Newtonsoft.Json (8.0.3)

GROUP Analyzers
FRAMEWORK: >= NET45
NUGET
  remote: http://www.nuget.org/api/v2
    JetBrains.Annotations (10.2.1)
    StyleCop.Analyzers (1.0)

GROUP Test
FRAMEWORK: >= NET45
NUGET
  remote: http://www.nuget.org/api/v2
    Castle.Core (3.3.3)
    Moq (4.5.23)
      Castle.Core (>= 3.3.3)
    NUnit (3.5)
