FRAMEWORK: >= NET45
NUGET
  remote: http://www.nuget.org/api/v2
  specs:
    LibGit2Sharp (0.22)
      LibGit2Sharp.NativeBinaries (1.0.129)
    LibGit2Sharp.NativeBinaries (1.0.129)
    Newtonsoft.Json (9.0.1)

GROUP Analyzers
FRAMEWORK: >= NET45
NUGET
  remote: http://www.nuget.org/api/v2
  specs:
    AsyncUsageAnalyzers (1.0.0-alpha003)
    JetBrains.Annotations (10.2.1)
    StyleCop.Analyzers (1.0)

GROUP Test
FRAMEWORK: >= NET45
NUGET
  remote: http://www.nuget.org/api/v2
  specs:
    Castle.Core (3.3.3)
    Moq (4.5.29)
      Castle.Core (>= 3.3.3)
    NUnit (3.5)
