RESTRICTION: >= net45
NUGET
  remote: http://www.nuget.org/api/v2
    LibGit2Sharp (0.25)
      LibGit2Sharp.NativeBinaries (1.0.210) - restriction: && (>= net45) (>= netstandard2.0)
    LibGit2Sharp.NativeBinaries (1.0.210) - restriction: && (>= net45) (>= netstandard2.0)
    Newtonsoft.Json (11.0.2)

GROUP Analyzers
RESTRICTION: >= net45
NUGET
  remote: http://www.nuget.org/api/v2
    AsyncUsageAnalyzers (1.0.0-alpha003)
    Gu.Analyzers (1.2.10-dev)
    IDisposableAnalyzers (2.0.1)
    JetBrains.Annotations (11.1)
    StyleCop.Analyzers (1.0.2)
    WpfAnalyzers (2.1.2.1)

GROUP Test
RESTRICTION: >= net45
NUGET
  remote: http://www.nuget.org/api/v2
    Castle.Core (4.2.1)
    Microsoft.NETCore.Platforms (2.0.1) - restriction: || (&& (>= net45) (>= netcoreapp2.0) (< netstandard2.0)) (&& (>= net45) (< netstandard1.0)) (&& (>= net45) (< netstandard1.3)) (&& (>= net45) (< netstandard1.5) (>= uap10.0)) (&& (>= net45) (< portable-net45+win8+wpa81)) (&& (>= net45) (>= uap10.1)) (&& (>= net45) (>= wp8)) (&& (>= net46) (< netstandard1.4))
    Microsoft.Win32.Primitives (4.3) - restriction: || (&& (>= net45) (< netstandard1.5) (>= uap10.0)) (&& (>= net46) (< netstandard1.4))
    Moq (4.8.2)
      Castle.Core (>= 4.2.1)
      System.Threading.Tasks.Extensions (>= 4.3)
      System.ValueTuple (>= 4.4)
    NETStandard.Library (2.0.2) - restriction: && (>= net45) (< net461) (< netstandard2.0)
      Microsoft.NETCore.Platforms (>= 1.1)
      Microsoft.Win32.Primitives (>= 4.3) - restriction: || (&& (>= net45) (< netstandard1.5) (>= uap10.0)) (&& (>= net46) (< netstandard1.4))
      System.AppContext (>= 4.3) - restriction: || (&& (>= net45) (< netstandard1.5) (>= uap10.0)) (&& (>= net46) (< netstandard1.4))
      System.Console (>= 4.3) - restriction: || (&& (>= net45) (< netstandard1.5) (>= uap10.0)) (&& (>= net46) (< netstandard1.4))
      System.Globalization.Calendars (>= 4.3) - restriction: || (&& (>= net45) (< netstandard1.5) (>= uap10.0)) (&& (>= net46) (< netstandard1.4))
      System.IO.Compression (>= 4.3) - restriction: || (&& (>= net45) (< netstandard1.5) (>= uap10.0)) (&& (>= net46) (< netstandard1.4))
      System.IO.Compression.ZipFile (>= 4.3) - restriction: || (&& (>= net45) (< netstandard1.5) (>= uap10.0)) (&& (>= net46) (< netstandard1.4))
      System.IO.FileSystem (>= 4.3) - restriction: || (&& (>= net45) (< netstandard1.5) (>= uap10.0)) (&& (>= net46) (< netstandard1.4))
      System.IO.FileSystem.Primitives (>= 4.3) - restriction: || (&& (>= net45) (< netstandard1.5) (>= uap10.0)) (&& (>= net46) (< netstandard1.4))
      System.Net.Http (>= 4.3.2) - restriction: || (&& (>= net45) (< netstandard1.5) (>= uap10.0)) (&& (>= net46) (< netstandard1.4))
      System.Net.Sockets (>= 4.3) - restriction: || (&& (>= net45) (< netstandard1.5) (>= uap10.0)) (&& (>= net46) (< netstandard1.4))
      System.Runtime.InteropServices.RuntimeInformation (>= 4.3) - restriction: || (&& (>= net45) (< netstandard1.0)) (&& (>= net45) (< netstandard1.3)) (&& (>= net45) (< netstandard1.5) (>= uap10.0)) (&& (>= net46) (< netstandard1.4))
      System.Security.Cryptography.Algorithms (>= 4.3) - restriction: || (&& (>= net45) (< netstandard1.5) (>= uap10.0)) (&& (>= net46) (< netstandard1.4))
      System.Security.Cryptography.Encoding (>= 4.3) - restriction: || (&& (>= net45) (< netstandard1.5) (>= uap10.0)) (&& (>= net46) (< netstandard1.4))
      System.Security.Cryptography.Primitives (>= 4.3) - restriction: || (&& (>= net45) (< netstandard1.5) (>= uap10.0)) (&& (>= net46) (< netstandard1.4))
      System.Security.Cryptography.X509Certificates (>= 4.3) - restriction: || (&& (>= net45) (< netstandard1.5) (>= uap10.0)) (&& (>= net46) (< netstandard1.4))
      System.Xml.ReaderWriter (>= 4.3) - restriction: || (&& (>= net45) (< netstandard1.5) (>= uap10.0)) (&& (>= net45) (< portable-net45+win8+wpa81)) (&& (>= net46) (< netstandard1.4))
    NUnit (3.10.1)
    System.AppContext (4.3) - restriction: || (&& (>= net45) (< netstandard1.5) (>= uap10.0)) (&& (>= net46) (< netstandard1.4))
    System.Collections (4.3) - restriction: && (>= net45) (< netstandard2.0)
    System.Console (4.3) - restriction: || (&& (>= net45) (< netstandard1.5) (>= uap10.0)) (&& (>= net46) (< netstandard1.4))
    System.Globalization.Calendars (4.3) - restriction: || (&& (>= net45) (< netstandard1.5) (>= uap10.0)) (&& (>= net46) (< netstandard1.4))
    System.IO.Compression (4.3) - restriction: || (&& (>= net45) (< netstandard1.5) (>= uap10.0)) (&& (>= net46) (< netstandard1.4))
    System.IO.Compression.ZipFile (4.3) - restriction: || (&& (>= net45) (< netstandard1.5) (>= uap10.0)) (&& (>= net46) (< netstandard1.4))
    System.IO.FileSystem (4.3) - restriction: || (&& (>= net45) (< netstandard1.5) (>= uap10.0)) (&& (>= net46) (< netstandard1.4))
      System.IO.FileSystem.Primitives (>= 4.3) - restriction: || (&& (>= net45) (>= netstandard1.3)) (>= net46)
    System.IO.FileSystem.Primitives (4.3) - restriction: || (&& (>= net45) (< netstandard1.5) (>= uap10.0)) (&& (>= net46) (< netstandard1.4))
    System.Net.Http (4.3.3) - restriction: || (&& (>= net45) (< netstandard1.5) (>= uap10.0)) (&& (>= net46) (< netstandard1.4))
      System.Security.Cryptography.X509Certificates (>= 4.3) - restriction: || (&& (>= net45) (< portable-net45+win8+wpa81)) (>= net46)
    System.Net.Sockets (4.3) - restriction: || (&& (>= net45) (< netstandard1.5) (>= uap10.0)) (&& (>= net46) (< netstandard1.4))
    System.Runtime (4.3) - restriction: && (>= net45) (< netstandard2.0)
    System.Runtime.InteropServices.RuntimeInformation (4.3) - restriction: || (&& (>= net45) (< netstandard1.0)) (&& (>= net45) (< netstandard1.3)) (&& (>= net45) (< netstandard1.5) (>= uap10.0)) (&& (>= net46) (< netstandard1.4))
    System.Security.Cryptography.Algorithms (4.3.1) - restriction: || (&& (>= net45) (< netstandard1.5) (>= uap10.0)) (&& (>= net46) (< netstandard1.4))
      System.Security.Cryptography.Primitives (>= 4.3)
    System.Security.Cryptography.Encoding (4.3) - restriction: || (&& (>= net45) (< netstandard1.5) (>= uap10.0)) (&& (>= net46) (< netstandard1.4))
    System.Security.Cryptography.Primitives (4.3) - restriction: || (&& (>= net45) (< netstandard1.5) (>= uap10.0)) (&& (>= net46) (< netstandard1.4))
    System.Security.Cryptography.X509Certificates (4.3.2) - restriction: || (&& (>= net45) (< netstandard1.5) (>= uap10.0)) (&& (>= net46) (< netstandard1.4))
      System.Security.Cryptography.Algorithms (>= 4.3)
      System.Security.Cryptography.Encoding (>= 4.3)
    System.Threading.Tasks (4.3) - restriction: && (>= net45) (< netstandard2.0)
    System.Threading.Tasks.Extensions (4.4)
      System.Collections (>= 4.3) - restriction: && (>= net45) (< netstandard2.0)
      System.Runtime (>= 4.3) - restriction: && (>= net45) (< netstandard2.0)
      System.Threading.Tasks (>= 4.3) - restriction: && (>= net45) (< netstandard2.0)
    System.ValueTuple (4.4)
      NETStandard.Library (>= 1.6.1) - restriction: && (>= net45) (< net461) (< netstandard2.0)
    System.Xml.ReaderWriter (4.3.1) - restriction: || (&& (>= net45) (< netstandard1.5) (>= uap10.0)) (&& (>= net45) (< portable-net45+win8+wpa81)) (&& (>= net46) (< netstandard1.4))
