NUGET
  remote: http://www.nuget.org/api/v2
  specs:
    JetBrains.Annotations (10.0)
    LibGit2Sharp (0.22)
      LibGit2Sharp.NativeBinaries (1.0.129)
    LibGit2Sharp.NativeBinaries (1.0.129)
    Moq (4.2.1510.2205)
    Newtonsoft.Json (8.0.3)
    NUnit (2.6.4)
